PATH
  remote: /Users/KC/Programming/SwissDB
  specs:
    swiss_db (0.6.8)

PATH
  remote: /Users/KC/Programming/bluepotion
  specs:
    bluepotion (0.1.7)

GEM
  remote: https://rubygems.org/
  specs:
    moran (0.6.5)
      motion-gradle
    motion-async (0.6)
    motion-gradle (1.6.0)
    newclear (1.3)
      reset-sim
    rake (10.4.2)
    reset-sim (1.0)

PLATFORMS
  ruby

DEPENDENCIES
  bluepotion!
  moran
  motion-async
  motion-gradle
  newclear
  rake
  swiss_db!
